GEM
  remote: https://rubygems.org/
  specs:
    vcardigan (0.0.2)

PLATFORMS
  ruby

DEPENDENCIES
  vcardigan
