GEM
  remote: https://rubygems.org/
  specs:
    vcf (0.0.5)

PLATFORMS
  ruby

DEPENDENCIES
  vcf
